GEM
  remote: http://rubygems.org/
  specs:
    rugged (0.21.0)
    terminal-table (1.4.5)

PLATFORMS
  ruby

DEPENDENCIES
  rugged
  terminal-table
