GEM
  remote: http://rubygems.org/
  specs:
    rugged (0.21.0)
    trollop (2.0)

PLATFORMS
  ruby

DEPENDENCIES
  rugged
  trollop
